PATH
  remote: .
  specs:
    transmission-rss (0.1.17)
      open_uri_redirections (~> 0.1, >= 0.1.4)

GEM
  remote: https://rubygems.org/
  specs:
    diff-lcs (1.2.5)
    open_uri_redirections (0.1.4)
    rake (10.1.1)
    rspec (2.14.1)
      rspec-core (~> 2.14.0)
      rspec-expectations (~> 2.14.0)
      rspec-mocks (~> 2.14.0)
    rspec-core (2.14.8)
    rspec-expectations (2.14.5)
      diff-lcs (>= 1.1.3, < 2.0)
    rspec-mocks (2.14.6)

PLATFORMS
  ruby

DEPENDENCIES
  rake
  rspec
  transmission-rss!
