PATH
  remote: .
  specs:
    transmission-rss (0.1.20)
      open_uri_redirections (~> 0.1, >= 0.1.4)

GEM
  remote: https://rubygems.org/
  specs:
    diff-lcs (1.2.5)
    open_uri_redirections (0.2.1)
    rake (10.4.1)
    rspec (3.1.0)
      rspec-core (~> 3.1.0)
      rspec-expectations (~> 3.1.0)
      rspec-mocks (~> 3.1.0)
    rspec-core (3.1.7)
      rspec-support (~> 3.1.0)
    rspec-expectations (3.1.2)
      diff-lcs (>= 1.2.0, < 2.0)
      rspec-support (~> 3.1.0)
    rspec-mocks (3.1.3)
      rspec-support (~> 3.1.0)
    rspec-support (3.1.2)

PLATFORMS
  ruby

DEPENDENCIES
  rake
  rspec
  transmission-rss!
