PATH
  remote: .
  specs:
    transmission-rss (0.1.22)
      open_uri_redirections (~> 0.1, >= 0.1.4)

GEM
  remote: https://rubygems.org/
  specs:
    diff-lcs (1.2.5)
    open_uri_redirections (0.2.1)
    rake (10.4.2)
    rspec (3.2.0)
      rspec-core (~> 3.2.0)
      rspec-expectations (~> 3.2.0)
      rspec-mocks (~> 3.2.0)
    rspec-core (3.2.2)
      rspec-support (~> 3.2.0)
    rspec-expectations (3.2.0)
      diff-lcs (>= 1.2.0, < 2.0)
      rspec-support (~> 3.2.0)
    rspec-mocks (3.2.1)
      diff-lcs (>= 1.2.0, < 2.0)
      rspec-support (~> 3.2.0)
    rspec-support (3.2.2)

PLATFORMS
  ruby

DEPENDENCIES
  rake
  rspec
  transmission-rss!

BUNDLED WITH
   1.10.6
